PATH
  remote: .
  specs:
    launchdarkly-server-sdk (5.8.0)
      concurrent-ruby (~> 1.0)
      json (~> 2.3.1)
      ld-eventsource (= 1.0.3)
      semantic (~> 1.6)

GEM
  remote: https://rubygems.org/
  specs:
    aws-eventstream (1.1.0)
    aws-partitions (1.388.0)
    aws-sdk-core (3.109.1)
      aws-eventstream (~> 1, >= 1.0.2)
      aws-partitions (~> 1, >= 1.239.0)
      aws-sigv4 (~> 1.1)
      jmespath (~> 1.0)
    aws-sdk-dynamodb (1.55.0)
      aws-sdk-core (~> 3, >= 3.109.0)
      aws-sigv4 (~> 1.1)
    aws-sigv4 (1.2.2)
      aws-eventstream (~> 1, >= 1.0.2)
    concurrent-ruby (1.1.7)
    connection_pool (2.2.3)
    deep_merge (1.2.1)
    diff-lcs (1.4.4)
    diplomat (2.4.2)
      deep_merge (~> 1.0, >= 1.0.1)
      faraday (>= 0.9, < 1.1.0)
    faraday (0.17.3)
      multipart-post (>= 1.2, < 3)
    ffi (1.12.0)
    hitimes (1.3.1)
    http_tools (0.4.5)
    jmespath (1.4.0)
    json (2.3.1)
    ld-eventsource (1.0.3)
      concurrent-ruby (~> 1.0)
      http_tools (~> 0.4.5)
      socketry (~> 0.5.1)
    listen (3.2.1)
      rb-fsevent (~> 0.10, >= 0.10.3)
      rb-inotify (~> 0.9, >= 0.9.10)
    multipart-post (2.1.1)
    rb-fsevent (0.10.4)
    rb-inotify (0.10.1)
      ffi (~> 1.0)
    redis (3.3.5)
    rspec (3.9.0)
      rspec-core (~> 3.9.0)
      rspec-expectations (~> 3.9.0)
      rspec-mocks (~> 3.9.0)
    rspec-core (3.9.3)
      rspec-support (~> 3.9.3)
    rspec-expectations (3.9.3)
      diff-lcs (>= 1.2.0, < 2.0)
      rspec-support (~> 3.9.0)
    rspec-mocks (3.9.1)
      diff-lcs (>= 1.2.0, < 2.0)
      rspec-support (~> 3.9.0)
    rspec-support (3.9.4)
    rspec_junit_formatter (0.3.0)
      rspec-core (>= 2, < 4, != 2.12.0)
    semantic (1.6.1)
    socketry (0.5.1)
      hitimes (~> 1.2)
    timecop (0.9.2)

PLATFORMS
  ruby

DEPENDENCIES
  aws-sdk-dynamodb (~> 1.18)
  bundler (~> 1.17)
  connection_pool (>= 2.1.2)
  diplomat (>= 2.0.2)
  faraday (~> 0.17)
  ffi (<= 1.12)
  launchdarkly-server-sdk!
  listen (~> 3.0)
  redis (~> 3.3.5)
  rspec (~> 3.2)
  rspec_junit_formatter (~> 0.3.0)
  timecop (~> 0.9.1)

BUNDLED WITH
   1.17.3
