PATH
  remote: .
  specs:
    launchdarkly-server-sdk (5.8.2)
      concurrent-ruby (~> 1.0)
      http (~> 4.4.1)
      json (~> 2.3.1)
      ld-eventsource (= 2.0.0.pre.beta.1)
      semantic (~> 1.6)

GEM
  remote: https://rubygems.org/
  specs:
    addressable (2.7.0)
      public_suffix (>= 2.0.2, < 5.0)
    aws-eventstream (1.1.0)
    aws-partitions (1.388.0)
    aws-sdk-core (3.109.1)
      aws-eventstream (~> 1, >= 1.0.2)
      aws-partitions (~> 1, >= 1.239.0)
      aws-sigv4 (~> 1.1)
      jmespath (~> 1.0)
    aws-sdk-dynamodb (1.55.0)
      aws-sdk-core (~> 3, >= 3.109.0)
      aws-sigv4 (~> 1.1)
    aws-sigv4 (1.2.2)
      aws-eventstream (~> 1, >= 1.0.2)
    concurrent-ruby (1.1.8)
    connection_pool (2.2.3)
    deep_merge (1.2.1)
    diff-lcs (1.4.4)
    diplomat (2.4.2)
      deep_merge (~> 1.0, >= 1.0.1)
      faraday (>= 0.9, < 1.1.0)
    domain_name (0.5.20190701)
      unf (>= 0.0.5, < 1.0.0)
    faraday (0.17.3)
      multipart-post (>= 1.2, < 3)
    ffi (1.12.0)
    ffi-compiler (1.0.1)
      ffi (>= 1.0.0)
      rake
    http (4.4.1)
      addressable (~> 2.3)
      http-cookie (~> 1.0)
      http-form_data (~> 2.2)
      http-parser (~> 1.2.0)
    http-cookie (1.0.3)
      domain_name (~> 0.5)
    http-form_data (2.3.0)
    http-parser (1.2.3)
      ffi-compiler (>= 1.0, < 2.0)
    jmespath (1.4.0)
    json (2.3.1)
    ld-eventsource (2.0.0.pre.beta.1)
      concurrent-ruby (~> 1.0)
      http (~> 4.4.1)
    listen (3.2.1)
      rb-fsevent (~> 0.10, >= 0.10.3)
      rb-inotify (~> 0.9, >= 0.9.10)
    multipart-post (2.1.1)
    public_suffix (4.0.6)
    rake (13.0.3)
    rb-fsevent (0.10.4)
    rb-inotify (0.10.1)
      ffi (~> 1.0)
    redis (3.3.5)
    rspec (3.9.0)
      rspec-core (~> 3.9.0)
      rspec-expectations (~> 3.9.0)
      rspec-mocks (~> 3.9.0)
    rspec-core (3.9.3)
      rspec-support (~> 3.9.3)
    rspec-expectations (3.9.3)
      diff-lcs (>= 1.2.0, < 2.0)
      rspec-support (~> 3.9.0)
    rspec-mocks (3.9.1)
      diff-lcs (>= 1.2.0, < 2.0)
      rspec-support (~> 3.9.0)
    rspec-support (3.9.4)
    rspec_junit_formatter (0.3.0)
      rspec-core (>= 2, < 4, != 2.12.0)
    semantic (1.6.1)
    timecop (0.9.2)
    unf (0.1.4)
      unf_ext
    unf_ext (0.0.7.7)

PLATFORMS
  ruby

DEPENDENCIES
  aws-sdk-dynamodb (~> 1.18)
  bundler (~> 1.17)
  connection_pool (>= 2.1.2)
  diplomat (>= 2.0.2)
  faraday (~> 0.17)
  ffi (<= 1.12)
  launchdarkly-server-sdk!
  listen (~> 3.0)
  redis (~> 3.3.5)
  rspec (~> 3.2)
  rspec_junit_formatter (~> 0.3.0)
  timecop (~> 0.9.1)

BUNDLED WITH
   1.17.3
